!INTERFILE :=
!matrix size [1] := 280
!matrix size [2] := 117
!name of data file := data/O15_right_xcat_static_2mm_act_1.bin
!number format := unsigned integer
!number of bytes per pixel := 2
!imagedata byte order := LITTLEENDIAN
scaling factor (mm/pixel) [1] := +2.0000000e-00
scaling factor (mm/pixel) [2] := +2.0000000e-00
!total number of images := 154
!number of slices := 154
slice thickness (pixels) := +2.0000000e-00
!END OF INTERFILE :=

